PATH
  remote: .
  specs:
    insensitive_hash (0.1.0)

GEM
  remote: https://rubygems.org/
  specs:
    minitest (5.9.0)
    rake (10.5.0)

PLATFORMS
  ruby

DEPENDENCIES
  bundler (~> 1.12)
  insensitive_hash!
  minitest (~> 5.0)
  rake (~> 10.0)

BUNDLED WITH
   1.12.5
